PATH
  remote: .
  specs:
    aj_view_tool (0.1.0)

GEM
  remote: https://rubygems.org/
  specs:
    rake (13.2.1)

PLATFORMS
  ruby

DEPENDENCIES
  aj_view_tool!
  bundler (~> 1.17)
  rake (~> 13.2.1)

BUNDLED WITH
   1.17.3
