PATH
  remote: .
  specs:
    aj_view_tool (0.1.0)

GEM
  remote: https://rubygems.org/
  specs:
    rake (10.5.0)

PLATFORMS
  ruby

DEPENDENCIES
  aj_view_tool!
  bundler (~> 1.17)
  rake (~> 10.0)

BUNDLED WITH
   1.17.3
